GIT
  remote: https://github.com/rails/rails.git
  revision: 2884d00f0c982711aa9ddef477b1898fbbda4c58
  branch: main
  specs:
    actioncable (7.1.0.alpha)
      actionpack (= 7.1.0.alpha)
      activesupport (= 7.1.0.alpha)
      nio4r (~> 2.0)
      websocket-driver (>= 0.6.1)
      zeitwerk (~> 2.6)
    actionmailbox (7.1.0.alpha)
      actionpack (= 7.1.0.alpha)
      activejob (= 7.1.0.alpha)
      activerecord (= 7.1.0.alpha)
      activestorage (= 7.1.0.alpha)
      activesupport (= 7.1.0.alpha)
      mail (>= 2.7.1)
      net-imap
      net-pop
      net-smtp
    actionmailer (7.1.0.alpha)
      actionpack (= 7.1.0.alpha)
      actionview (= 7.1.0.alpha)
      activejob (= 7.1.0.alpha)
      activesupport (= 7.1.0.alpha)
      mail (~> 2.5, >= 2.5.4)
      net-imap
      net-pop
      net-smtp
      rails-dom-testing (~> 2.0)
    actionpack (7.1.0.alpha)
      actionview (= 7.1.0.alpha)
      activesupport (= 7.1.0.alpha)
      nokogiri (>= 1.8.5)
      rack (>= 2.2.4)
      rack-session (>= 1.0.1)
      rack-test (>= 0.6.3)
      rails-dom-testing (~> 2.0)
      rails-html-sanitizer (~> 1.6)
    actiontext (7.1.0.alpha)
      actionpack (= 7.1.0.alpha)
      activerecord (= 7.1.0.alpha)
      activestorage (= 7.1.0.alpha)
      activesupport (= 7.1.0.alpha)
      globalid (>= 0.6.0)
      nokogiri (>= 1.8.5)
    actionview (7.1.0.alpha)
      activesupport (= 7.1.0.alpha)
      builder (~> 3.1)
      erubi (~> 1.11)
      rails-dom-testing (~> 2.0)
      rails-html-sanitizer (~> 1.6)
    activejob (7.1.0.alpha)
      activesupport (= 7.1.0.alpha)
      globalid (>= 0.3.6)
    activemodel (7.1.0.alpha)
      activesupport (= 7.1.0.alpha)
    activerecord (7.1.0.alpha)
      activemodel (= 7.1.0.alpha)
      activesupport (= 7.1.0.alpha)
      timeout (>= 0.4.0)
    activestorage (7.1.0.alpha)
      actionpack (= 7.1.0.alpha)
      activejob (= 7.1.0.alpha)
      activerecord (= 7.1.0.alpha)
      activesupport (= 7.1.0.alpha)
      marcel (~> 1.0)
    activesupport (7.1.0.alpha)
      concurrent-ruby (~> 1.0, >= 1.0.2)
      connection_pool (>= 2.2.5)
      i18n (>= 1.6, < 2)
      minitest (>= 5.1)
      tzinfo (~> 2.0)
    rails (7.1.0.alpha)
      actioncable (= 7.1.0.alpha)
      actionmailbox (= 7.1.0.alpha)
      actionmailer (= 7.1.0.alpha)
      actionpack (= 7.1.0.alpha)
      actiontext (= 7.1.0.alpha)
      actionview (= 7.1.0.alpha)
      activejob (= 7.1.0.alpha)
      activemodel (= 7.1.0.alpha)
      activerecord (= 7.1.0.alpha)
      activestorage (= 7.1.0.alpha)
      activesupport (= 7.1.0.alpha)
      bundler (>= 1.15.0)
      railties (= 7.1.0.alpha)
    railties (7.1.0.alpha)
      actionpack (= 7.1.0.alpha)
      activesupport (= 7.1.0.alpha)
      irb
      rackup (>= 1.0.0)
      rake (>= 12.2)
      thor (~> 1.0, >= 1.2.2)
      zeitwerk (~> 2.6)

GEM
  remote: https://rubygems.org/
  specs:
    addressable (2.8.4)
      public_suffix (>= 2.0.2, < 6.0)
    ast (2.4.2)
    bcrypt (3.1.18)
    bindex (0.8.1)
    bootsnap (1.16.0)
      msgpack (~> 1.2)
    builder (3.2.4)
    capybara (3.39.2)
      addressable
      matrix
      mini_mime (>= 0.1.3)
      nokogiri (~> 1.8)
      rack (>= 1.6.0)
      rack-test (>= 0.6.3)
      regexp_parser (>= 1.5, < 3.0)
      xpath (~> 3.2)
    concurrent-ruby (1.2.2)
    connection_pool (2.4.1)
    crass (1.0.6)
    cuprite (0.14.3)
      capybara (~> 3.0)
      ferrum (~> 0.13.0)
    date (3.3.3)
    debug (1.8.0)
      irb (>= 1.5.0)
      reline (>= 0.3.1)
    erubi (1.12.0)
    ferrum (0.13)
      addressable (~> 2.5)
      concurrent-ruby (~> 1.1)
      webrick (~> 1.7)
      websocket-driver (>= 0.6, < 0.8)
    freezolite (0.3.0)
      require-hooks (~> 0.1)
    globalid (1.1.0)
      activesupport (>= 5.0)
    hanami-router (0.6.2)
      hanami-utils (~> 0.7)
      http_router (~> 0.11)
    hanami-utils (0.9.2)
    http_router (0.11.2)
      rack (>= 1.0.0)
      url_mount (~> 0.2.1)
    i18n (1.14.1)
      concurrent-ruby (~> 1.0)
    importmap-rails (1.2.1)
      actionpack (>= 6.0.0)
      railties (>= 6.0.0)
    io-console (0.6.0)
    irb (1.7.4)
      reline (>= 0.3.6)
    jetrockets-standard (1.29.0)
      rubocop-rails
      rubocop-rspec (~> 2.22.0)
      standard (~> 1.29.0)
    json (2.6.3)
    language_server-protocol (3.17.0.3)
    lint_roller (1.1.0)
    litestack (0.2.6)
      erubi
      hanami-router
      oj
      rack
      sqlite3
      tilt
    loofah (2.21.3)
      crass (~> 1.0.2)
      nokogiri (>= 1.12.0)
    mail (2.8.1)
      mini_mime (>= 0.1.1)
      net-imap
      net-pop
      net-smtp
    marcel (1.0.2)
    matrix (0.4.2)
    mini_mime (1.1.2)
    mini_portile2 (2.8.4)
    minitest (5.18.1)
    msgpack (1.7.2)
    net-imap (0.3.6)
      date
      net-protocol
    net-pop (0.1.2)
      net-protocol
    net-protocol (0.2.1)
      timeout
    net-smtp (0.3.3)
      net-protocol
    nio4r (2.5.9)
    nokogiri (1.15.3)
      mini_portile2 (~> 2.8.2)
      racc (~> 1.4)
    nokogiri (1.15.3-aarch64-linux)
      racc (~> 1.4)
    nokogiri (1.15.3-arm64-darwin)
      racc (~> 1.4)
    nokogiri (1.15.3-x86_64-darwin)
      racc (~> 1.4)
    nokogiri (1.15.3-x86_64-linux)
      racc (~> 1.4)
    oj (3.15.0)
    parallel (1.23.0)
    parser (3.2.2.3)
      ast (~> 2.4.1)
      racc
    prettier_print (1.2.1)
    public_suffix (5.0.3)
    puma (6.3.0)
      nio4r (~> 2.0)
    racc (1.7.1)
    rack (3.0.8)
    rack-session (2.0.0)
      rack (>= 3.0.0)
    rack-test (2.1.0)
      rack (>= 1.3)
    rackup (2.1.0)
      rack (>= 3)
      webrick (~> 1.8)
    rails-dom-testing (2.1.1)
      activesupport (>= 5.0.0)
      minitest
      nokogiri (>= 1.6)
    rails-html-sanitizer (1.6.0)
      loofah (~> 2.21)
      nokogiri (~> 1.14)
    rainbow (3.1.1)
    rake (13.0.6)
    regexp_parser (2.8.1)
    reline (0.3.6)
      io-console (~> 0.5)
    require-hooks (0.1.0)
    rexml (3.2.5)
    rubocop (1.52.1)
      json (~> 2.3)
      parallel (~> 1.10)
      parser (>= 3.2.2.3)
      rainbow (>= 2.2.2, < 4.0)
      regexp_parser (>= 1.8, < 3.0)
      rexml (>= 3.2.5, < 4.0)
      rubocop-ast (>= 1.28.0, < 2.0)
      ruby-progressbar (~> 1.7)
      unicode-display_width (>= 2.4.0, < 3.0)
    rubocop-ast (1.29.0)
      parser (>= 3.2.1.0)
    rubocop-capybara (2.18.0)
      rubocop (~> 1.41)
    rubocop-factory_bot (2.23.1)
      rubocop (~> 1.33)
    rubocop-performance (1.18.0)
      rubocop (>= 1.7.0, < 2.0)
      rubocop-ast (>= 0.4.0)
    rubocop-rails (2.20.2)
      activesupport (>= 4.2.0)
      rack (>= 1.1)
      rubocop (>= 1.33.0, < 2.0)
    rubocop-rspec (2.22.0)
      rubocop (~> 1.33)
      rubocop-capybara (~> 2.17)
      rubocop-factory_bot (~> 2.22)
    ruby-lsp (0.7.3)
      language_server-protocol (~> 3.17.0)
      sorbet-runtime
      syntax_tree (>= 6.1.1, < 7)
    ruby-lsp-rails (0.2.2)
      rails (>= 6.0)
      ruby-lsp (>= 0.6.2, < 0.8.0)
      sorbet-runtime (>= 0.5.9897)
    ruby-progressbar (1.13.0)
    sorbet-runtime (0.5.10924)
    sprockets (4.2.0)
      concurrent-ruby (~> 1.0)
      rack (>= 2.2.4, < 4)
    sprockets-rails (3.4.2)
      actionpack (>= 5.2)
      activesupport (>= 5.2)
      sprockets (>= 3.0.0)
    sqlite3 (1.6.3)
      mini_portile2 (~> 2.8.0)
    sqlite3 (1.6.3-aarch64-linux)
    sqlite3 (1.6.3-arm64-darwin)
    sqlite3 (1.6.3-x86_64-darwin)
    sqlite3 (1.6.3-x86_64-linux)
    standard (1.29.0)
      language_server-protocol (~> 3.17.0.2)
      lint_roller (~> 1.0)
      rubocop (~> 1.52.0)
      standard-custom (~> 1.0.0)
      standard-performance (~> 1.1.0)
    standard-custom (1.0.2)
      lint_roller (~> 1.0)
      rubocop (~> 1.50)
    standard-performance (1.1.2)
      lint_roller (~> 1.1)
      rubocop-performance (~> 1.18.0)
    stimulus-rails (1.2.1)
      railties (>= 6.0.0)
    syntax_tree (6.1.1)
      prettier_print (>= 1.2.0)
    tailwindcss-rails (2.0.30)
      railties (>= 6.0.0)
    tailwindcss-rails (2.0.30-aarch64-linux)
      railties (>= 6.0.0)
    tailwindcss-rails (2.0.30-arm64-darwin)
      railties (>= 6.0.0)
    tailwindcss-rails (2.0.30-x86_64-darwin)
      railties (>= 6.0.0)
    tailwindcss-rails (2.0.30-x86_64-linux)
      railties (>= 6.0.0)
    thor (1.2.2)
    tilt (2.2.0)
    timeout (0.4.0)
    turbo-rails (1.4.0)
      actionpack (>= 6.0.0)
      activejob (>= 6.0.0)
      railties (>= 6.0.0)
    tzinfo (2.0.6)
      concurrent-ruby (~> 1.0)
    unicode-display_width (2.4.2)
    url_mount (0.2.1)
      rack
    web-console (4.2.0)
      actionview (>= 6.0.0)
      activemodel (>= 6.0.0)
      bindex (>= 0.4.0)
      railties (>= 6.0.0)
    webrick (1.8.1)
    websocket-driver (0.7.5)
      websocket-extensions (>= 0.1.0)
    websocket-extensions (0.1.5)
    xpath (3.2.0)
      nokogiri (~> 1.8)
    zeitwerk (2.6.8)

PLATFORMS
  aarch64-linux
  arm64-darwin-21
  arm64-darwin-22
  ruby
  x86_64-darwin-20
  x86_64-darwin-21
  x86_64-darwin-22
  x86_64-linux

DEPENDENCIES
  bcrypt (~> 3.1.7)
  bootsnap
  capybara
  cuprite
  debug
  freezolite
  importmap-rails
  jetrockets-standard
  litestack
  puma (~> 6.0)
  rails!
  rubocop-rails
  ruby-lsp-rails
  sprockets-rails
  standard (~> 1.28)
  stimulus-rails
  tailwindcss-rails
  turbo-rails
  web-console

RUBY VERSION
   ruby 3.2.2p53

BUNDLED WITH
   2.4.14
